GEM
  remote: http://rubygems.org/
  specs:
    chunky_png (1.2.5)
    compass (0.11.7)
      chunky_png (~> 1.2)
      fssm (>= 0.2.7)
      sass (~> 3.1)
    compass-susy-plugin (0.9)
      compass (>= 0.11.1)
    fssm (0.2.8.1)
    modular-scale (0.0.4)
      compass (>= 0.11.5)
    sass (3.1.14)
    sassy-buttons (0.0.9)
      compass (>= 0.11)

PLATFORMS
  ruby

DEPENDENCIES
  compass
  compass-susy-plugin
  modular-scale
  sassy-buttons
